GIT
  remote: git://github.com/argl/globalize2.git
  revision: db03f59
  specs:
    globalize2 (0.2.1)

GIT
  remote: git://github.com/argl/humpyard_form.git
  revision: c0ca0e7
  specs:
    humpyard_form (0.0.4)
      builder
      cancan (>= 1.1.1)
      compass (>= 0.10.0.rc5)
      globalize2 (>= 0.2.0)
      haml (>= 3.0.0.rc.4)
      rails (>= 3.0.0.beta3)

GIT
  remote: git://github.com/aslakhellesoy/cucumber-rails.git
  revision: b75110d
  specs:
    cucumber-rails (0.3.2)
      cucumber (>= 0.8.0)

GIT
  remote: git://github.com/aslakhellesoy/cucumber.git
  revision: 6d654e8
  specs:
    cucumber (0.8.3)
      builder (~> 2.1.2)
      diff-lcs (~> 1.1.2)
      gherkin (~> 2.0.2)
      json_pure (~> 1.4.3)
      term-ansicolor (~> 1.0.4)

GIT
  remote: git://github.com/chriseppstein/compass.git
  revision: 56c4954
  specs:
    compass (0.11.alpha.0.56c4954)
      haml (>= 3.0.4)

GIT
  remote: git://github.com/rails/rails.git
  revision: 0189fb7
  specs:
    actionmailer (3.0.0.beta4)
      actionpack (= 3.0.0.beta4)
      mail (~> 2.2.3)
    actionpack (3.0.0.beta4)
      activemodel (= 3.0.0.beta4)
      activesupport (= 3.0.0.beta4)
      builder (~> 2.1.2)
      erubis (~> 2.6.6)
      i18n (~> 0.4.1)
      rack (~> 1.2.1)
      rack-test (~> 0.5.4)
      tzinfo (~> 0.3.16)
    activemodel (3.0.0.beta4)
      activesupport (= 3.0.0.beta4)
      builder (~> 2.1.2)
      i18n (~> 0.4.1)
    activerecord (3.0.0.beta4)
      activemodel (= 3.0.0.beta4)
      activesupport (= 3.0.0.beta4)
      arel (~> 0.4.0)
      tzinfo (~> 0.3.16)
    activeresource (3.0.0.beta4)
      activemodel (= 3.0.0.beta4)
      activesupport (= 3.0.0.beta4)
    activesupport (3.0.0.beta4)
    rails (3.0.0.beta4)
      actionmailer (= 3.0.0.beta4)
      actionpack (= 3.0.0.beta4)
      activerecord (= 3.0.0.beta4)
      activeresource (= 3.0.0.beta4)
      activesupport (= 3.0.0.beta4)
      bundler (>= 1.0.0.beta.2)
      railties (= 3.0.0.beta4)
    railties (3.0.0.beta4)
      actionpack (= 3.0.0.beta4)
      activesupport (= 3.0.0.beta4)
      rake (>= 0.8.3)
      thor (~> 0.13.7)

GEM
  remote: http://gemcutter.org/
  specs:
    abstract (1.0.0)
    acts_as_tree (0.1.1)
    arel (0.4.0)
      activesupport (>= 3.0.0.beta)
    builder (2.1.2)
    cancan (1.1.1)
    capybara (0.3.8)
      culerity (>= 0.2.4)
      mime-types (>= 1.16)
      nokogiri (>= 1.3.3)
      rack (>= 1.0.0)
      rack-test (>= 0.5.2)
      selenium-webdriver (>= 0.0.3)
    culerity (0.2.10)
    daemons (1.1.0)
    database_cleaner (0.5.2)
    diff-lcs (1.1.2)
    erubis (2.6.6)
      abstract (>= 1.0.0)
    eventmachine (0.12.10)
    factory_girl (1.3.1)
    ffi (0.6.3)
      rake (>= 0.8.7)
    gherkin (2.0.2)
      trollop (~> 1.16.2)
    haml (3.0.13)
    i18n (0.4.1)
    json_pure (1.4.3)
    mail (2.2.5)
      activesupport (>= 2.3.6)
      mime-types
      treetop (>= 1.4.5)
    markup_validity (1.1.0)
      nokogiri (>= 1.3.1)
    mime-types (1.16)
    nokogiri (1.4.2)
    pickle (0.3.0)
    polyglot (0.3.1)
    rack (1.2.1)
    rack-test (0.5.4)
      rack (>= 1.0)
    rake (0.8.7)
    rspec (2.0.0.beta.14)
      rspec-core (= 2.0.0.beta.14)
      rspec-expectations (= 2.0.0.beta.14)
      rspec-mocks (= 2.0.0.beta.14)
    rspec-core (2.0.0.beta.14)
    rspec-expectations (2.0.0.beta.14)
      diff-lcs (>= 1.1.2)
    rspec-mocks (2.0.0.beta.14)
    rspec-rails (2.0.0.beta.14.2)
      rspec (>= 2.0.0.beta.14)
      webrat (>= 0.7.0)
    selenium-webdriver (0.0.24)
      ffi (>= 0.6.1)
      json_pure
    sqlite3-ruby (1.3.0)
    term-ansicolor (1.0.5)
    test-unit (2.0.9)
    thin (1.2.7)
      daemons (>= 1.0.9)
      eventmachine (>= 0.12.6)
      rack (>= 1.0.0)
    thor (0.13.7)
    treetop (1.4.8)
      polyglot (>= 0.3.1)
    trollop (1.16.2)
    tzinfo (0.3.22)
    webrat (0.7.1)
      nokogiri (>= 1.2.0)
      rack (>= 1.0)
      rack-test (>= 0.5.3)

PLATFORMS
  ruby

DEPENDENCIES
  acts_as_tree (>= 0.1.1)
  builder
  cancan (>= 1.1.1)
  capybara (>= 0.3.7)
  compass!
  cucumber!
  cucumber-rails!
  database_cleaner (>= 0.5.2)
  factory_girl (>= 1.2.3)
  globalize2!
  humpyard_form!
  markup_validity (>= 1.1.0)
  pickle (>= 0.2.4)
  rails!
  rspec-rails (>= 2.0.0.beta.7)
  sqlite3-ruby
  test-unit
  thin
